GEM
  remote: https://rubygems.org/
  specs:
    kgio (2.9.2)
    pg (0.17.1)
    rack (1.5.2)
    rack-protection (1.5.3)
      rack
    raindrops (0.10.0)
    roda (1.2.0)
      rack
    sequel (4.17.0)
    tilt (2.0.1)
    unicorn (4.8.0)
      kgio (~> 2.6)
      rack
      raindrops (~> 0.7)

PLATFORMS
  ruby

DEPENDENCIES
  pg
  rack-protection
  roda (>= 1.2.0)
  sequel
  tilt
  unicorn
